GEM
  remote: https://rubygems.org/
  specs:
    faraday (0.15.4)
      multipart-post (>= 1.2, < 3)
    jwt (2.1.0)
    mini_portile2 (2.4.0)
    multipart-post (2.0.0)
    nokogiri (1.10.1-x64-mingw32)
      mini_portile2 (~> 2.4.0)
    twilio-ruby (5.21.1)
      faraday (~> 0.9)
      jwt (>= 1.5, <= 2.5)
      nokogiri (>= 1.6, < 2.0)

PLATFORMS
  x64-mingw32

DEPENDENCIES
  nokogiri
  twilio-ruby

BUNDLED WITH
   2.0.1
